GEM
  remote: http://rubygems.org/
  specs:
    curb (0.8.1)
    json (1.7.5)
    leftronicapi (1.2.0)
      curb
      json
      rake
    rake (0.9.2.2)

PLATFORMS
  ruby

DEPENDENCIES
  leftronicapi (~> 1.2.0)
