GEM
  remote: http://rubygems.org/
  specs:
    curb (0.8.1)
    httparty (0.9.0)
      multi_json (~> 1.0)
      multi_xml
    json (1.7.5)
    leftronicapi (1.2.0)
      curb
      json
      rake
    multi_json (1.3.6)
    multi_xml (0.5.1)
    rake (0.9.2.2)

PLATFORMS
  ruby

DEPENDENCIES
  httparty (~> 0.9.0)
  leftronicapi (~> 1.2.0)
